GEM
  remote: https://rubygems.org/
  specs:
    activemodel (6.1.7.1)
      activesupport (= 6.1.7.1)
    activerecord (6.1.7.1)
      activemodel (= 6.1.7.1)
      activesupport (= 6.1.7.1)
    activesupport (6.1.7.1)
      concurrent-ruby (~> 1.0, >= 1.0.2)
      i18n (>= 1.6, < 2)
      minitest (>= 5.1)
      tzinfo (~> 2.0)
      zeitwerk (~> 2.3)
    backports (3.10.3)
    coderay (1.1.2)
    concurrent-ruby (1.1.10)
    dotenv (2.2.1)
    ffi (1.9.18)
    i18n (1.12.0)
      concurrent-ruby (~> 1.0)
    line-bot-api (1.2.2)
    method_source (0.9.0)
    minitest (5.17.0)
    multi_json (1.12.2)
    mustermann (1.0.1)
    mysql2 (0.4.10)
    natto (1.1.1)
      ffi (>= 1.9.0)
    pry (0.11.3)
      coderay (~> 1.1.0)
      method_source (~> 0.9.0)
    rack (2.0.3)
    rack-protection (2.0.0)
      rack
    rake (12.3.0)
    sinatra (2.0.0)
      mustermann (~> 1.0)
      rack (~> 2.0)
      rack-protection (= 2.0.0)
      tilt (~> 2.0)
    sinatra-activerecord (2.0.13)
      activerecord (>= 3.2)
      sinatra (>= 1.0)
    sinatra-contrib (2.0.0)
      backports (>= 2.0)
      multi_json
      mustermann (~> 1.0)
      rack-protection (= 2.0.0)
      sinatra (= 2.0.0)
      tilt (>= 1.3, < 3)
    tilt (2.0.8)
    tzinfo (2.0.5)
      concurrent-ruby (~> 1.0)
    zeitwerk (2.6.6)

PLATFORMS
  ruby

DEPENDENCIES
  activerecord
  dotenv
  line-bot-api
  mysql2
  natto
  pry
  rake
  sinatra
  sinatra-activerecord
  sinatra-contrib

BUNDLED WITH
   1.16.0
